GEM
  remote: http://rubygems.org/
  specs:
    diff-lcs (1.1.2)
    rack (1.2.1)
    rake (0.8.7)
    rspec (2.0.0.beta.20)
      rspec-core (= 2.0.0.beta.20)
      rspec-expectations (= 2.0.0.beta.20)
      rspec-mocks (= 2.0.0.beta.20)
    rspec-core (2.0.0.beta.20)
    rspec-expectations (2.0.0.beta.20)
      diff-lcs (>= 1.1.2)
    rspec-mocks (2.0.0.beta.20)

PLATFORMS
  ruby

DEPENDENCIES
  rack
  rake
  rspec (= 2.0.0.beta.20)
